{
  "Modality": "MR",
  "MagneticFieldStrength": 3,
  "Manufacturer": "Siemens",
  "ManufacturersModelName": "Skyra",
  "InstitutionName": "Lewis_Building",
  "InstitutionalDepartmentName": "Department",
  "InstitutionAddress": "Franklin_Blvd_1440_Eugene_District_US_97403",
  "DeviceSerialNumber": "45348",
  "StationName": "AWP45348",
  "BodyPartExamined": "BRAIN",
  "PatientPosition": "HFS",
  "ProcedureStepDescription": "bamlab_Zeithamova_COAT",
  "SoftwareVersions": "syngo_MR_E11",
  "MRAcquisitionType": "2D",
  "SeriesDescription": "CAT4",
  "ProtocolName": "CAT4",
  "ScanningSequence": "EP",
  "SequenceVariant": "SK_SS",
  "ScanOptions": "FS",
  "SequenceName": "epfid2d1_104",
  "ImageType": ["ORIGINAL", "PRIMARY", "M", "MB", "ND", "NORM", "MOSAIC"],
  "SeriesNumber": 8,
  "AcquisitionTime": "12:56:34.172500",
  "AcquisitionNumber": 1,
  "ImageComments": "Unaliased_MB3_PE4",
  "SliceThickness": 2,
  "SpacingBetweenSlices": 2,
  "SAR": 0.1128,
  "EchoTime": 0.025,
  "RepetitionTime": 2,
  "FlipAngle": 90,
  "PartialFourier": 1,
  "BaseResolution": 104,
  "ShimSetting": [-5076, 7549, 9249, 744, 47, 445, 313, -391],
  "TxRefAmp": 329.882,
  "PhaseResolution": 1,
  "ReceiveCoilName": "Head_32",
  "ReceiveCoilActiveElements": "HEA;HEP",
  "PulseSequenceDetails": "%CustomerSeq%_cmrr_mbep2d_bold",
  "ConsistencyInfo": "N4_VE11C_LATEST_20160120",
  "MultibandAccelerationFactor": 3,
  "PercentPhaseFOV": 100,
  "EchoTrainLength": 51,
  "PhaseEncodingSteps": 103,
  "AcquisitionMatrixPE": 104,
  "ReconMatrixPE": 104,
  "BandwidthPerPixelPhaseEncode": 28.703,
  "ParallelReductionFactorInPlane": 2,
  "EffectiveEchoSpacing": 0.0003,
  "DerivedVendorReportedEchoSpacing": 0.0007,
  "TotalReadoutTime": 0.0345,
  "PixelBandwidth": 1780,
  "DwellTime": 2.7e-06,
  "PhaseEncodingDirection": "j-",
  "SliceTiming": [0, 0.9075, 1.815, 0.7425, 1.65, 0.5775, 1.485, 0.4125, 1.32, 0.2475, 1.155, 0.0825, 0.99, 1.8975, 0.825, 1.7325, 0.66, 1.5675, 0.495, 1.4025, 0.33, 1.2375, 0.165, 1.0725, 0, 0.9075, 1.815, 0.7425, 1.65, 0.5775, 1.485, 0.4125, 1.32, 0.2475, 1.155, 0.0825, 0.99, 1.8975, 0.825, 1.7325, 0.66, 1.5675, 0.495, 1.4025, 0.33, 1.2375, 0.165, 1.0725, 0, 0.9075, 1.815, 0.7425, 1.65, 0.5775, 1.485, 0.4125, 1.32, 0.2475, 1.155, 0.0825, 0.99, 1.8975, 0.825, 1.7325, 0.66, 1.5675, 0.495, 1.4025, 0.33, 1.2375, 0.165, 1.0725],
  "ImageOrientationPatientDICOM": [0.9866, 0.0819, -0.1413, -0.1138, 0.9653, -0.235],
  "InPlanePhaseEncodingDirectionDICOM": "COL",
  "ConversionSoftware": "dcm2niix",
  "ConversionSoftwareVersion": "v1.0.20180404 GCC4.8.5",
  "TaskName": "cat",
  "Run": 4
}
